GEM
  remote: https://rubygems.org/
  specs:
    ProMotion (1.2.0)
      methadone (~> 1.3)
      motion-require (~> 0.2)
    methadone (1.3.2)
      bundler
    motion-require (0.2.0)
    rake (10.3.1)

PLATFORMS
  ruby

DEPENDENCIES
  ProMotion
  rake
